STORAGE: NONE
RESTRICTION: == net8.0
NUGET
  remote: https://www.nuget.org/api/v2
    coverlet.collector (6.0.2) - copy_local: true
    Dapper (2.1.35)
    K4os.Async.Toys (0.0.18)
      Microsoft.Extensions.Logging.Abstractions (>= 7.0)
      System.Threading.Channels (>= 7.0)
    K4os.KnownTypes (2.0.1)
    K4os.KnownTypes.SystemTextJson (2.0.1)
      K4os.KnownTypes (>= 2.0.1)
    K4os.Xpovoc.Abstractions (0.3.4)
    K4os.Xpovoc.Core (0.3.4)
      K4os.Xpovoc.Abstractions (>= 0.3.4)
      Microsoft.Extensions.DependencyInjection.Abstractions (>= 7.0)
      Microsoft.Extensions.Logging.Abstractions (>= 7.0.1)
      PolySharp (>= 1.13.2)
      System.Reactive (>= 4.4.1)
    K4os.Xpovoc.PgSql (0.3.4)
      Dapper (>= 2.0.35)
      K4os.Xpovoc.Core (>= 0.3.4)
      Microsoft.Extensions.DependencyInjection.Abstractions (>= 7.0)
      Microsoft.Extensions.Logging.Abstractions (>= 7.0.1)
      Npgsql (>= 4.1.3.1)
      Polly (>= 7.2.1)
      PolySharp (>= 1.13.2)
      System.Reactive (>= 4.4.1)
    MediatR (12.3)
      MediatR.Contracts (>= 2.0.1 < 3.0)
      Microsoft.Extensions.DependencyInjection.Abstractions (>= 8.0)
    MediatR.Contracts (2.0.1)
    Microsoft.CodeCoverage (17.10)
    Microsoft.Extensions.Configuration (8.0)
      Microsoft.Extensions.Configuration.Abstractions (>= 8.0)
      Microsoft.Extensions.Primitives (>= 8.0)
    Microsoft.Extensions.Configuration.Abstractions (8.0)
      Microsoft.Extensions.Primitives (>= 8.0)
    Microsoft.Extensions.Configuration.Binder (8.0.1)
      Microsoft.Extensions.Configuration.Abstractions (>= 8.0)
    Microsoft.Extensions.Configuration.CommandLine (8.0)
      Microsoft.Extensions.Configuration (>= 8.0)
      Microsoft.Extensions.Configuration.Abstractions (>= 8.0)
    Microsoft.Extensions.Configuration.EnvironmentVariables (8.0)
      Microsoft.Extensions.Configuration (>= 8.0)
      Microsoft.Extensions.Configuration.Abstractions (>= 8.0)
    Microsoft.Extensions.Configuration.FileExtensions (8.0)
      Microsoft.Extensions.Configuration (>= 8.0)
      Microsoft.Extensions.Configuration.Abstractions (>= 8.0)
      Microsoft.Extensions.FileProviders.Abstractions (>= 8.0)
      Microsoft.Extensions.FileProviders.Physical (>= 8.0)
      Microsoft.Extensions.Primitives (>= 8.0)
    Microsoft.Extensions.Configuration.Json (8.0)
      Microsoft.Extensions.Configuration (>= 8.0)
      Microsoft.Extensions.Configuration.Abstractions (>= 8.0)
      Microsoft.Extensions.Configuration.FileExtensions (>= 8.0)
      Microsoft.Extensions.FileProviders.Abstractions (>= 8.0)
      System.Text.Json (>= 8.0)
    Microsoft.Extensions.Configuration.UserSecrets (8.0)
      Microsoft.Extensions.Configuration.Abstractions (>= 8.0)
      Microsoft.Extensions.Configuration.Json (>= 8.0)
      Microsoft.Extensions.FileProviders.Abstractions (>= 8.0)
      Microsoft.Extensions.FileProviders.Physical (>= 8.0)
    Microsoft.Extensions.DependencyInjection (8.0)
      Microsoft.Extensions.DependencyInjection.Abstractions (>= 8.0)
    Microsoft.Extensions.DependencyInjection.Abstractions (8.0.1)
    Microsoft.Extensions.DependencyModel (8.0)
      System.Text.Encodings.Web (>= 8.0)
      System.Text.Json (>= 8.0)
    Microsoft.Extensions.Diagnostics (8.0)
      Microsoft.Extensions.Configuration (>= 8.0)
      Microsoft.Extensions.Diagnostics.Abstractions (>= 8.0)
      Microsoft.Extensions.Options.ConfigurationExtensions (>= 8.0)
    Microsoft.Extensions.Diagnostics.Abstractions (8.0)
      Microsoft.Extensions.DependencyInjection.Abstractions (>= 8.0)
      Microsoft.Extensions.Options (>= 8.0)
      System.Diagnostics.DiagnosticSource (>= 8.0)
    Microsoft.Extensions.FileProviders.Abstractions (8.0)
      Microsoft.Extensions.Primitives (>= 8.0)
    Microsoft.Extensions.FileProviders.Physical (8.0)
      Microsoft.Extensions.FileProviders.Abstractions (>= 8.0)
      Microsoft.Extensions.FileSystemGlobbing (>= 8.0)
      Microsoft.Extensions.Primitives (>= 8.0)
    Microsoft.Extensions.FileSystemGlobbing (8.0)
    Microsoft.Extensions.Hosting (8.0)
      Microsoft.Extensions.Configuration (>= 8.0)
      Microsoft.Extensions.Configuration.Abstractions (>= 8.0)
      Microsoft.Extensions.Configuration.Binder (>= 8.0)
      Microsoft.Extensions.Configuration.CommandLine (>= 8.0)
      Microsoft.Extensions.Configuration.EnvironmentVariables (>= 8.0)
      Microsoft.Extensions.Configuration.FileExtensions (>= 8.0)
      Microsoft.Extensions.Configuration.Json (>= 8.0)
      Microsoft.Extensions.Configuration.UserSecrets (>= 8.0)
      Microsoft.Extensions.DependencyInjection (>= 8.0)
      Microsoft.Extensions.DependencyInjection.Abstractions (>= 8.0)
      Microsoft.Extensions.Diagnostics (>= 8.0)
      Microsoft.Extensions.FileProviders.Abstractions (>= 8.0)
      Microsoft.Extensions.FileProviders.Physical (>= 8.0)
      Microsoft.Extensions.Hosting.Abstractions (>= 8.0)
      Microsoft.Extensions.Logging (>= 8.0)
      Microsoft.Extensions.Logging.Abstractions (>= 8.0)
      Microsoft.Extensions.Logging.Configuration (>= 8.0)
      Microsoft.Extensions.Logging.Console (>= 8.0)
      Microsoft.Extensions.Logging.Debug (>= 8.0)
      Microsoft.Extensions.Logging.EventLog (>= 8.0)
      Microsoft.Extensions.Logging.EventSource (>= 8.0)
      Microsoft.Extensions.Options (>= 8.0)
    Microsoft.Extensions.Hosting.Abstractions (8.0)
      Microsoft.Extensions.Configuration.Abstractions (>= 8.0)
      Microsoft.Extensions.DependencyInjection.Abstractions (>= 8.0)
      Microsoft.Extensions.Diagnostics.Abstractions (>= 8.0)
      Microsoft.Extensions.FileProviders.Abstractions (>= 8.0)
      Microsoft.Extensions.Logging.Abstractions (>= 8.0)
    Microsoft.Extensions.Logging (8.0)
      Microsoft.Extensions.DependencyInjection (>= 8.0)
      Microsoft.Extensions.Logging.Abstractions (>= 8.0)
      Microsoft.Extensions.Options (>= 8.0)
    Microsoft.Extensions.Logging.Abstractions (8.0.1)
      Microsoft.Extensions.DependencyInjection.Abstractions (>= 8.0.1)
    Microsoft.Extensions.Logging.Configuration (8.0)
      Microsoft.Extensions.Configuration (>= 8.0)
      Microsoft.Extensions.Configuration.Abstractions (>= 8.0)
      Microsoft.Extensions.Configuration.Binder (>= 8.0)
      Microsoft.Extensions.DependencyInjection.Abstractions (>= 8.0)
      Microsoft.Extensions.Logging (>= 8.0)
      Microsoft.Extensions.Logging.Abstractions (>= 8.0)
      Microsoft.Extensions.Options (>= 8.0)
      Microsoft.Extensions.Options.ConfigurationExtensions (>= 8.0)
    Microsoft.Extensions.Logging.Console (8.0)
      Microsoft.Extensions.DependencyInjection.Abstractions (>= 8.0)
      Microsoft.Extensions.Logging (>= 8.0)
      Microsoft.Extensions.Logging.Abstractions (>= 8.0)
      Microsoft.Extensions.Logging.Configuration (>= 8.0)
      Microsoft.Extensions.Options (>= 8.0)
      System.Text.Json (>= 8.0)
    Microsoft.Extensions.Logging.Debug (8.0)
      Microsoft.Extensions.DependencyInjection.Abstractions (>= 8.0)
      Microsoft.Extensions.Logging (>= 8.0)
      Microsoft.Extensions.Logging.Abstractions (>= 8.0)
    Microsoft.Extensions.Logging.EventLog (8.0)
      Microsoft.Extensions.DependencyInjection.Abstractions (>= 8.0)
      Microsoft.Extensions.Logging (>= 8.0)
      Microsoft.Extensions.Logging.Abstractions (>= 8.0)
      Microsoft.Extensions.Options (>= 8.0)
      System.Diagnostics.EventLog (>= 8.0)
    Microsoft.Extensions.Logging.EventSource (8.0)
      Microsoft.Extensions.DependencyInjection.Abstractions (>= 8.0)
      Microsoft.Extensions.Logging (>= 8.0)
      Microsoft.Extensions.Logging.Abstractions (>= 8.0)
      Microsoft.Extensions.Options (>= 8.0)
      Microsoft.Extensions.Primitives (>= 8.0)
      System.Text.Json (>= 8.0)
    Microsoft.Extensions.Options (8.0.2)
      Microsoft.Extensions.DependencyInjection.Abstractions (>= 8.0)
      Microsoft.Extensions.Primitives (>= 8.0)
    Microsoft.Extensions.Options.ConfigurationExtensions (8.0)
      Microsoft.Extensions.Configuration.Abstractions (>= 8.0)
      Microsoft.Extensions.Configuration.Binder (>= 8.0)
      Microsoft.Extensions.DependencyInjection.Abstractions (>= 8.0)
      Microsoft.Extensions.Options (>= 8.0)
      Microsoft.Extensions.Primitives (>= 8.0)
    Microsoft.Extensions.Primitives (8.0)
    Microsoft.NET.Test.Sdk (17.10)
      Microsoft.CodeCoverage (>= 17.10)
      Microsoft.TestPlatform.TestHost (>= 17.10)
    Microsoft.TestPlatform.ObjectModel (17.10)
      System.Reflection.Metadata (>= 1.6)
    Microsoft.TestPlatform.TestHost (17.10)
      Microsoft.TestPlatform.ObjectModel (>= 17.10)
      Newtonsoft.Json (>= 13.0.1)
    NATS.Client.Core (2.2.2)
      Microsoft.Extensions.Logging.Abstractions (>= 6.0.1)
      Microsoft.Extensions.Primitives (>= 6.0)
      System.IO.Pipelines (>= 8.0)
    NATS.Client.Hosting (2.2.2)
      Microsoft.Extensions.Hosting.Abstractions (>= 8.0)
      NATS.Client.Core (>= 2.2.2)
    NATS.Client.JetStream (2.2.2)
      NATS.Client.Core (>= 2.2.2)
    NATS.Client.KeyValueStore (2.2.2)
      NATS.Client.JetStream (>= 2.2.2)
    NATS.Client.ObjectStore (2.2.2)
      NATS.Client.JetStream (>= 2.2.2)
    NATS.Client.Services (2.2.2)
      NATS.Client.Core (>= 2.2.2)
    NATS.Net (2.2.2)
      NATS.Client.Core (>= 2.2.2)
      NATS.Client.Hosting (>= 2.2.2)
      NATS.Client.JetStream (>= 2.2.2)
      NATS.Client.KeyValueStore (>= 2.2.2)
      NATS.Client.ObjectStore (>= 2.2.2)
      NATS.Client.Services (>= 2.2.2)
    Newtonsoft.Json (13.0.3)
    Npgsql (8.0.3)
      Microsoft.Extensions.Logging.Abstractions (>= 8.0)
    Polly (8.4)
      Polly.Core (>= 8.4)
    Polly.Core (8.4)
    PolySharp (1.14.1)
    Serilog (3.1.1)
    Serilog.AspNetCore (8.0.1)
      Microsoft.Extensions.DependencyInjection (>= 8.0)
      Microsoft.Extensions.Logging (>= 8.0)
      Serilog (>= 3.1.1)
      Serilog.Extensions.Hosting (>= 8.0)
      Serilog.Extensions.Logging (>= 8.0)
      Serilog.Formatting.Compact (>= 2.0)
      Serilog.Settings.Configuration (>= 8.0)
      Serilog.Sinks.Console (>= 5.0)
      Serilog.Sinks.Debug (>= 2.0)
      Serilog.Sinks.File (>= 5.0)
    Serilog.Extensions.Hosting (8.0)
      Microsoft.Extensions.DependencyInjection.Abstractions (>= 8.0)
      Microsoft.Extensions.Hosting.Abstractions (>= 8.0)
      Microsoft.Extensions.Logging.Abstractions (>= 8.0)
      Serilog (>= 3.1.1)
      Serilog.Extensions.Logging (>= 8.0)
    Serilog.Extensions.Logging (8.0)
      Microsoft.Extensions.Logging (>= 8.0)
      Serilog (>= 3.1.1)
    Serilog.Formatting.Compact (2.0)
      Serilog (>= 3.1)
    Serilog.Settings.Configuration (8.0)
      Microsoft.Extensions.Configuration.Binder (>= 8.0)
      Microsoft.Extensions.DependencyModel (>= 8.0)
      Serilog (>= 3.1.1)
    Serilog.Sinks.Console (5.0.1)
      Serilog (>= 3.1.1)
    Serilog.Sinks.Debug (2.0)
      Serilog (>= 2.10)
    Serilog.Sinks.File (5.0)
      Serilog (>= 2.10)
    System.Collections.Immutable (8.0)
    System.Diagnostics.DiagnosticSource (8.0.1)
    System.Diagnostics.EventLog (8.0)
    System.Interactive (6.0.1)
    System.IO.Hashing (8.0)
    System.IO.Pipelines (8.0)
    System.Reactive (6.0.1)
    System.Reflection.Metadata (8.0)
      System.Collections.Immutable (>= 8.0)
    System.Text.Encodings.Web (8.0)
    System.Text.Json (8.0.3)
      System.Text.Encodings.Web (>= 8.0)
    System.Threading.Channels (8.0)
    xunit (2.8.1)
      xunit.analyzers (>= 1.14)
      xunit.assert (>= 2.8.1)
      xunit.core (2.8.1)
    xunit.abstractions (2.0.3)
    xunit.analyzers (1.14)
    xunit.assert (2.8.1)
    xunit.core (2.8.1)
      xunit.extensibility.core (2.8.1)
      xunit.extensibility.execution (2.8.1)
    xunit.extensibility.core (2.8.1)
      xunit.abstractions (>= 2.0.3)
    xunit.extensibility.execution (2.8.1)
      xunit.extensibility.core (2.8.1)
    xunit.runner.visualstudio (2.8.1) - copy_local: true
