STORAGE: NONE
RESTRICTION: == net8.0
NUGET
  remote: https://www.nuget.org/api/v2
    coverlet.collector (6.0.2) - copy_local: true
    Dapper (2.1.35)
    Google.Protobuf (3.27.2)
    Grpc.Core.Api (2.63)
    Grpc.Net.Client (2.63)
      Grpc.Net.Common (>= 2.63)
      Microsoft.Extensions.Logging.Abstractions (>= 6.0)
    Grpc.Net.Common (2.63)
      Grpc.Core.Api (>= 2.63)
    Humanizer.Core (2.14.1)
    K4os.Async.Toys (0.0.18)
      Microsoft.Extensions.Logging.Abstractions (>= 7.0)
      System.Threading.Channels (>= 7.0)
    K4os.KnownTypes (2.1)
    K4os.KnownTypes.SystemTextJson (2.1)
      K4os.KnownTypes (>= 2.1)
    K4os.Xpovoc.Abstractions (0.3.4)
    K4os.Xpovoc.Core (0.3.4)
      K4os.Xpovoc.Abstractions (>= 0.3.4)
      Microsoft.Extensions.DependencyInjection.Abstractions (>= 7.0)
      Microsoft.Extensions.Logging.Abstractions (>= 7.0.1)
      PolySharp (>= 1.13.2)
      System.Reactive (>= 4.4.1)
    K4os.Xpovoc.PgSql (0.3.4)
      Dapper (>= 2.0.35)
      K4os.Xpovoc.Core (>= 0.3.4)
      Microsoft.Extensions.DependencyInjection.Abstractions (>= 7.0)
      Microsoft.Extensions.Logging.Abstractions (>= 7.0.1)
      Npgsql (>= 4.1.3.1)
      Polly (>= 7.2.1)
      PolySharp (>= 1.13.2)
      System.Reactive (>= 4.4.1)
    MediatR (12.3)
      MediatR.Contracts (>= 2.0.1 < 3.0)
      Microsoft.Extensions.DependencyInjection.Abstractions (>= 8.0)
    MediatR.Contracts (2.0.1)
    Microsoft.AspNetCore.OpenApi (8.0.7)
      Microsoft.OpenApi (>= 1.4.3)
    Microsoft.CodeAnalysis.Analyzers (3.3.4)
    Microsoft.CodeAnalysis.Common (4.10)
      Microsoft.CodeAnalysis.Analyzers (>= 3.3.4)
      System.Collections.Immutable (>= 8.0)
      System.Reflection.Metadata (>= 8.0)
    Microsoft.CodeAnalysis.CSharp (4.10)
      Microsoft.CodeAnalysis.Analyzers (>= 3.3.4)
      Microsoft.CodeAnalysis.Common (4.10)
      System.Collections.Immutable (>= 8.0)
      System.Reflection.Metadata (>= 8.0)
    Microsoft.CodeAnalysis.CSharp.Workspaces (4.10)
      Humanizer.Core (>= 2.14.1)
      Microsoft.CodeAnalysis.Analyzers (>= 3.3.4)
      Microsoft.CodeAnalysis.Common (4.10)
      Microsoft.CodeAnalysis.CSharp (4.10)
      Microsoft.CodeAnalysis.Workspaces.Common (4.10)
      System.Collections.Immutable (>= 8.0)
      System.Composition (>= 8.0)
      System.IO.Pipelines (>= 8.0)
      System.Reflection.Metadata (>= 8.0)
      System.Threading.Channels (>= 7.0)
    Microsoft.CodeAnalysis.Workspaces.Common (4.10)
      Humanizer.Core (>= 2.14.1)
      Microsoft.CodeAnalysis.Analyzers (>= 3.3.4)
      Microsoft.CodeAnalysis.Common (4.10)
      System.Collections.Immutable (>= 8.0)
      System.Composition (>= 8.0)
      System.IO.Pipelines (>= 8.0)
      System.Reflection.Metadata (>= 8.0)
      System.Threading.Channels (>= 7.0)
    Microsoft.CodeCoverage (17.10)
    Microsoft.EntityFrameworkCore (8.0.7)
      Microsoft.EntityFrameworkCore.Abstractions (>= 8.0.7)
      Microsoft.EntityFrameworkCore.Analyzers (>= 8.0.7)
      Microsoft.Extensions.Caching.Memory (>= 8.0)
      Microsoft.Extensions.Logging (>= 8.0)
    Microsoft.EntityFrameworkCore.Abstractions (8.0.7)
    Microsoft.EntityFrameworkCore.Analyzers (8.0.7)
    Microsoft.EntityFrameworkCore.Design (8.0.7)
      Humanizer.Core (>= 2.14.1)
      Microsoft.CodeAnalysis.CSharp.Workspaces (>= 4.5)
      Microsoft.EntityFrameworkCore.Relational (>= 8.0.7)
      Microsoft.Extensions.DependencyModel (>= 8.0.1)
      Mono.TextTemplating (>= 2.2.1)
    Microsoft.EntityFrameworkCore.Relational (8.0.7)
      Microsoft.EntityFrameworkCore (>= 8.0.7)
      Microsoft.Extensions.Configuration.Abstractions (>= 8.0)
    Microsoft.Extensions.AmbientMetadata.Application (8.7)
      Microsoft.Extensions.Configuration (>= 8.0)
      Microsoft.Extensions.Hosting.Abstractions (>= 8.0)
      Microsoft.Extensions.Options.ConfigurationExtensions (>= 8.0)
    Microsoft.Extensions.ApiDescription.Server (8.0.7)
    Microsoft.Extensions.Caching.Abstractions (8.0)
      Microsoft.Extensions.Primitives (>= 8.0)
    Microsoft.Extensions.Caching.Memory (8.0)
      Microsoft.Extensions.Caching.Abstractions (>= 8.0)
      Microsoft.Extensions.DependencyInjection.Abstractions (>= 8.0)
      Microsoft.Extensions.Logging.Abstractions (>= 8.0)
      Microsoft.Extensions.Options (>= 8.0)
      Microsoft.Extensions.Primitives (>= 8.0)
    Microsoft.Extensions.Compliance.Abstractions (8.7)
      Microsoft.Extensions.DependencyInjection.Abstractions (>= 8.0.1)
      Microsoft.Extensions.ObjectPool (>= 8.0.7)
    Microsoft.Extensions.Configuration (8.0)
      Microsoft.Extensions.Configuration.Abstractions (>= 8.0)
      Microsoft.Extensions.Primitives (>= 8.0)
    Microsoft.Extensions.Configuration.Abstractions (8.0)
      Microsoft.Extensions.Primitives (>= 8.0)
    Microsoft.Extensions.Configuration.Binder (8.0.2)
      Microsoft.Extensions.Configuration.Abstractions (>= 8.0)
    Microsoft.Extensions.Configuration.CommandLine (8.0)
      Microsoft.Extensions.Configuration (>= 8.0)
      Microsoft.Extensions.Configuration.Abstractions (>= 8.0)
    Microsoft.Extensions.Configuration.EnvironmentVariables (8.0)
      Microsoft.Extensions.Configuration (>= 8.0)
      Microsoft.Extensions.Configuration.Abstractions (>= 8.0)
    Microsoft.Extensions.Configuration.FileExtensions (8.0.1)
      Microsoft.Extensions.Configuration (>= 8.0)
      Microsoft.Extensions.Configuration.Abstractions (>= 8.0)
      Microsoft.Extensions.FileProviders.Abstractions (>= 8.0)
      Microsoft.Extensions.FileProviders.Physical (>= 8.0)
      Microsoft.Extensions.Primitives (>= 8.0)
    Microsoft.Extensions.Configuration.Json (8.0)
      Microsoft.Extensions.Configuration (>= 8.0)
      Microsoft.Extensions.Configuration.Abstractions (>= 8.0)
      Microsoft.Extensions.Configuration.FileExtensions (>= 8.0)
      Microsoft.Extensions.FileProviders.Abstractions (>= 8.0)
      System.Text.Json (>= 8.0)
    Microsoft.Extensions.Configuration.UserSecrets (8.0)
      Microsoft.Extensions.Configuration.Abstractions (>= 8.0)
      Microsoft.Extensions.Configuration.Json (>= 8.0)
      Microsoft.Extensions.FileProviders.Abstractions (>= 8.0)
      Microsoft.Extensions.FileProviders.Physical (>= 8.0)
    Microsoft.Extensions.DependencyInjection (8.0)
      Microsoft.Extensions.DependencyInjection.Abstractions (>= 8.0)
    Microsoft.Extensions.DependencyInjection.Abstractions (8.0.1)
    Microsoft.Extensions.DependencyInjection.AutoActivation (8.7)
      Microsoft.Extensions.Hosting.Abstractions (>= 8.0)
    Microsoft.Extensions.DependencyModel (8.0.1)
      System.Text.Encodings.Web (>= 8.0)
      System.Text.Json (>= 8.0.4)
    Microsoft.Extensions.Diagnostics (8.0)
      Microsoft.Extensions.Configuration (>= 8.0)
      Microsoft.Extensions.Diagnostics.Abstractions (>= 8.0)
      Microsoft.Extensions.Options.ConfigurationExtensions (>= 8.0)
    Microsoft.Extensions.Diagnostics.Abstractions (8.0)
      Microsoft.Extensions.DependencyInjection.Abstractions (>= 8.0)
      Microsoft.Extensions.Options (>= 8.0)
      System.Diagnostics.DiagnosticSource (>= 8.0)
    Microsoft.Extensions.Diagnostics.ExceptionSummarization (8.7)
      Microsoft.Extensions.DependencyInjection.Abstractions (>= 8.0.1)
    Microsoft.Extensions.FileProviders.Abstractions (8.0)
      Microsoft.Extensions.Primitives (>= 8.0)
    Microsoft.Extensions.FileProviders.Physical (8.0)
      Microsoft.Extensions.FileProviders.Abstractions (>= 8.0)
      Microsoft.Extensions.FileSystemGlobbing (>= 8.0)
      Microsoft.Extensions.Primitives (>= 8.0)
    Microsoft.Extensions.FileSystemGlobbing (8.0)
    Microsoft.Extensions.Hosting (8.0)
      Microsoft.Extensions.Configuration (>= 8.0)
      Microsoft.Extensions.Configuration.Abstractions (>= 8.0)
      Microsoft.Extensions.Configuration.Binder (>= 8.0)
      Microsoft.Extensions.Configuration.CommandLine (>= 8.0)
      Microsoft.Extensions.Configuration.EnvironmentVariables (>= 8.0)
      Microsoft.Extensions.Configuration.FileExtensions (>= 8.0)
      Microsoft.Extensions.Configuration.Json (>= 8.0)
      Microsoft.Extensions.Configuration.UserSecrets (>= 8.0)
      Microsoft.Extensions.DependencyInjection (>= 8.0)
      Microsoft.Extensions.DependencyInjection.Abstractions (>= 8.0)
      Microsoft.Extensions.Diagnostics (>= 8.0)
      Microsoft.Extensions.FileProviders.Abstractions (>= 8.0)
      Microsoft.Extensions.FileProviders.Physical (>= 8.0)
      Microsoft.Extensions.Hosting.Abstractions (>= 8.0)
      Microsoft.Extensions.Logging (>= 8.0)
      Microsoft.Extensions.Logging.Abstractions (>= 8.0)
      Microsoft.Extensions.Logging.Configuration (>= 8.0)
      Microsoft.Extensions.Logging.Console (>= 8.0)
      Microsoft.Extensions.Logging.Debug (>= 8.0)
      Microsoft.Extensions.Logging.EventLog (>= 8.0)
      Microsoft.Extensions.Logging.EventSource (>= 8.0)
      Microsoft.Extensions.Options (>= 8.0)
    Microsoft.Extensions.Hosting.Abstractions (8.0)
      Microsoft.Extensions.Configuration.Abstractions (>= 8.0)
      Microsoft.Extensions.DependencyInjection.Abstractions (>= 8.0)
      Microsoft.Extensions.Diagnostics.Abstractions (>= 8.0)
      Microsoft.Extensions.FileProviders.Abstractions (>= 8.0)
      Microsoft.Extensions.Logging.Abstractions (>= 8.0)
    Microsoft.Extensions.Http (8.0)
      Microsoft.Extensions.Configuration.Abstractions (>= 8.0)
      Microsoft.Extensions.DependencyInjection.Abstractions (>= 8.0)
      Microsoft.Extensions.Diagnostics (>= 8.0)
      Microsoft.Extensions.Logging (>= 8.0)
      Microsoft.Extensions.Logging.Abstractions (>= 8.0)
      Microsoft.Extensions.Options (>= 8.0)
    Microsoft.Extensions.Http.Diagnostics (8.7)
      Microsoft.Extensions.DependencyInjection.AutoActivation (>= 8.7)
      Microsoft.Extensions.Http (>= 8.0)
      Microsoft.Extensions.Options.ConfigurationExtensions (>= 8.0)
      Microsoft.Extensions.Telemetry (>= 8.7)
      Microsoft.IO.RecyclableMemoryStream (>= 3.0)
    Microsoft.Extensions.Http.Resilience (8.7)
      Microsoft.Extensions.Configuration.Binder (>= 8.0.1)
      Microsoft.Extensions.Http.Diagnostics (>= 8.7)
      Microsoft.Extensions.ObjectPool (>= 8.0.7)
      Microsoft.Extensions.Resilience (>= 8.7)
    Microsoft.Extensions.Logging (8.0)
      Microsoft.Extensions.DependencyInjection (>= 8.0)
      Microsoft.Extensions.Logging.Abstractions (>= 8.0)
      Microsoft.Extensions.Options (>= 8.0)
    Microsoft.Extensions.Logging.Abstractions (8.0.1)
      Microsoft.Extensions.DependencyInjection.Abstractions (>= 8.0.1)
    Microsoft.Extensions.Logging.Configuration (8.0)
      Microsoft.Extensions.Configuration (>= 8.0)
      Microsoft.Extensions.Configuration.Abstractions (>= 8.0)
      Microsoft.Extensions.Configuration.Binder (>= 8.0)
      Microsoft.Extensions.DependencyInjection.Abstractions (>= 8.0)
      Microsoft.Extensions.Logging (>= 8.0)
      Microsoft.Extensions.Logging.Abstractions (>= 8.0)
      Microsoft.Extensions.Options (>= 8.0)
      Microsoft.Extensions.Options.ConfigurationExtensions (>= 8.0)
    Microsoft.Extensions.Logging.Console (8.0)
      Microsoft.Extensions.DependencyInjection.Abstractions (>= 8.0)
      Microsoft.Extensions.Logging (>= 8.0)
      Microsoft.Extensions.Logging.Abstractions (>= 8.0)
      Microsoft.Extensions.Logging.Configuration (>= 8.0)
      Microsoft.Extensions.Options (>= 8.0)
      System.Text.Json (>= 8.0)
    Microsoft.Extensions.Logging.Debug (8.0)
      Microsoft.Extensions.DependencyInjection.Abstractions (>= 8.0)
      Microsoft.Extensions.Logging (>= 8.0)
      Microsoft.Extensions.Logging.Abstractions (>= 8.0)
    Microsoft.Extensions.Logging.EventLog (8.0)
      Microsoft.Extensions.DependencyInjection.Abstractions (>= 8.0)
      Microsoft.Extensions.Logging (>= 8.0)
      Microsoft.Extensions.Logging.Abstractions (>= 8.0)
      Microsoft.Extensions.Options (>= 8.0)
      System.Diagnostics.EventLog (>= 8.0)
    Microsoft.Extensions.Logging.EventSource (8.0)
      Microsoft.Extensions.DependencyInjection.Abstractions (>= 8.0)
      Microsoft.Extensions.Logging (>= 8.0)
      Microsoft.Extensions.Logging.Abstractions (>= 8.0)
      Microsoft.Extensions.Options (>= 8.0)
      Microsoft.Extensions.Primitives (>= 8.0)
      System.Text.Json (>= 8.0)
    Microsoft.Extensions.ObjectPool (8.0.7)
    Microsoft.Extensions.Options (8.0.2)
      Microsoft.Extensions.DependencyInjection.Abstractions (>= 8.0)
      Microsoft.Extensions.Primitives (>= 8.0)
    Microsoft.Extensions.Options.ConfigurationExtensions (8.0)
      Microsoft.Extensions.Configuration.Abstractions (>= 8.0)
      Microsoft.Extensions.Configuration.Binder (>= 8.0)
      Microsoft.Extensions.DependencyInjection.Abstractions (>= 8.0)
      Microsoft.Extensions.Options (>= 8.0)
      Microsoft.Extensions.Primitives (>= 8.0)
    Microsoft.Extensions.Primitives (8.0)
    Microsoft.Extensions.Resilience (8.7)
      Microsoft.Extensions.Diagnostics (>= 8.0)
      Microsoft.Extensions.Diagnostics.ExceptionSummarization (>= 8.7)
      Microsoft.Extensions.Options.ConfigurationExtensions (>= 8.0)
      Microsoft.Extensions.Telemetry.Abstractions (>= 8.7)
      Polly.Extensions (>= 8.4.1)
      Polly.RateLimiting (>= 8.4.1)
    Microsoft.Extensions.Telemetry (8.7)
      Microsoft.Extensions.AmbientMetadata.Application (>= 8.7)
      Microsoft.Extensions.DependencyInjection.AutoActivation (>= 8.7)
      Microsoft.Extensions.Logging.Configuration (>= 8.0)
      Microsoft.Extensions.ObjectPool (>= 8.0.7)
      Microsoft.Extensions.Telemetry.Abstractions (>= 8.7)
    Microsoft.Extensions.Telemetry.Abstractions (8.7)
      Microsoft.Extensions.Compliance.Abstractions (>= 8.7)
      Microsoft.Extensions.Logging.Abstractions (>= 8.0.1)
      Microsoft.Extensions.ObjectPool (>= 8.0.7)
      Microsoft.Extensions.Options (>= 8.0.2)
    Microsoft.IO.RecyclableMemoryStream (3.0.1)
    Microsoft.NET.Test.Sdk (17.10)
      Microsoft.CodeCoverage (>= 17.10)
      Microsoft.TestPlatform.TestHost (>= 17.10)
    Microsoft.OpenApi (1.6.15)
    Microsoft.TestPlatform.ObjectModel (17.10)
      System.Reflection.Metadata (>= 1.6)
    Microsoft.TestPlatform.TestHost (17.10)
      Microsoft.TestPlatform.ObjectModel (>= 17.10)
      Newtonsoft.Json (>= 13.0.1)
    Mono.TextTemplating (2.3.1)
      System.CodeDom (>= 5.0)
    NATS.Client.Core (2.3.2)
      Microsoft.Extensions.Logging.Abstractions (>= 6.0.1)
      Microsoft.Extensions.Primitives (>= 6.0)
      System.IO.Pipelines (>= 8.0)
    NATS.Client.Hosting (2.3.2)
      Microsoft.Extensions.Hosting.Abstractions (>= 8.0)
      NATS.Client.Core (>= 2.3.2)
    NATS.Client.JetStream (2.3.2)
      NATS.Client.Core (>= 2.3.2)
    NATS.Client.KeyValueStore (2.3.2)
      NATS.Client.JetStream (>= 2.3.2)
    NATS.Client.ObjectStore (2.3.2)
      NATS.Client.JetStream (>= 2.3.2)
    NATS.Client.Services (2.3.2)
      NATS.Client.Core (>= 2.3.2)
    NATS.Net (2.3.2)
      NATS.Client.Core (>= 2.3.2)
      NATS.Client.Hosting (>= 2.3.2)
      NATS.Client.JetStream (>= 2.3.2)
      NATS.Client.KeyValueStore (>= 2.3.2)
      NATS.Client.ObjectStore (>= 2.3.2)
      NATS.Client.Services (>= 2.3.2)
    Newtonsoft.Json (13.0.3)
    Npgsql (8.0.3)
      Microsoft.Extensions.Logging.Abstractions (>= 8.0)
    Npgsql.EntityFrameworkCore.PostgreSQL (8.0.4)
      Microsoft.EntityFrameworkCore (>= 8.0.4)
      Microsoft.EntityFrameworkCore.Abstractions (>= 8.0.4)
      Microsoft.EntityFrameworkCore.Relational (>= 8.0.4)
      Npgsql (>= 8.0.3)
    OpenTelemetry (1.9)
      Microsoft.Extensions.Diagnostics.Abstractions (>= 8.0)
      Microsoft.Extensions.Logging.Configuration (>= 8.0)
      OpenTelemetry.Api.ProviderBuilderExtensions (>= 1.9)
    OpenTelemetry.Api (1.9)
      System.Diagnostics.DiagnosticSource (>= 8.0)
    OpenTelemetry.Api.ProviderBuilderExtensions (1.9)
      Microsoft.Extensions.DependencyInjection.Abstractions (>= 8.0)
      OpenTelemetry.Api (>= 1.9)
    OpenTelemetry.Exporter.OpenTelemetryProtocol (1.9)
      Google.Protobuf (>= 3.22.5 < 4.0)
      Grpc.Net.Client (>= 2.52 < 3.0)
      Microsoft.Extensions.Configuration.Binder (>= 8.0.1)
      OpenTelemetry (>= 1.9)
    OpenTelemetry.Extensions.Hosting (1.9)
      Microsoft.Extensions.Hosting.Abstractions (>= 8.0)
      OpenTelemetry (>= 1.9)
    OpenTelemetry.Instrumentation.AspNetCore (1.9)
      OpenTelemetry.Api.ProviderBuilderExtensions (>= 1.9 < 2.0)
    OpenTelemetry.Instrumentation.EntityFrameworkCore (1.0.0-beta.12)
      Microsoft.Extensions.Options (>= 8.0)
      OpenTelemetry.Api.ProviderBuilderExtensions (>= 1.9 < 2.0)
    OpenTelemetry.Instrumentation.Http (1.9)
      Microsoft.Extensions.Configuration (>= 8.0)
      Microsoft.Extensions.Options (>= 8.0)
      OpenTelemetry.Api.ProviderBuilderExtensions (>= 1.9 < 2.0)
    OpenTelemetry.Instrumentation.Runtime (1.9)
      OpenTelemetry.Api (>= 1.9 < 2.0)
    Polly (8.4.1)
      Polly.Core (>= 8.4.1)
    Polly.Core (8.4.1)
    Polly.Extensions (8.4.1)
      Microsoft.Extensions.Logging.Abstractions (>= 8.0)
      Microsoft.Extensions.Options (>= 8.0)
      Polly.Core (>= 8.4.1)
    Polly.RateLimiting (8.4.1)
      Polly.Core (>= 8.4.1)
      System.Threading.RateLimiting (>= 8.0)
    PolySharp (1.14.1)
    Serilog (4.0)
    Serilog.AspNetCore (8.0.1)
      Microsoft.Extensions.DependencyInjection (>= 8.0)
      Microsoft.Extensions.Logging (>= 8.0)
      Serilog (>= 3.1.1)
      Serilog.Extensions.Hosting (>= 8.0)
      Serilog.Extensions.Logging (>= 8.0)
      Serilog.Formatting.Compact (>= 2.0)
      Serilog.Settings.Configuration (>= 8.0)
      Serilog.Sinks.Console (>= 5.0)
      Serilog.Sinks.Debug (>= 2.0)
      Serilog.Sinks.File (>= 5.0)
    Serilog.Extensions.Hosting (8.0)
      Microsoft.Extensions.DependencyInjection.Abstractions (>= 8.0)
      Microsoft.Extensions.Hosting.Abstractions (>= 8.0)
      Microsoft.Extensions.Logging.Abstractions (>= 8.0)
      Serilog (>= 3.1.1)
      Serilog.Extensions.Logging (>= 8.0)
    Serilog.Extensions.Logging (8.0)
      Microsoft.Extensions.Logging (>= 8.0)
      Serilog (>= 3.1.1)
    Serilog.Formatting.Compact (3.0)
      Serilog (>= 4.0)
    Serilog.Settings.Configuration (8.0.2)
      Microsoft.Extensions.Configuration.Binder (>= 8.0)
      Microsoft.Extensions.DependencyModel (>= 8.0.1)
      Serilog (>= 3.1.1)
    Serilog.Sinks.Console (6.0)
      Serilog (>= 4.0)
    Serilog.Sinks.Debug (3.0)
      Serilog (>= 4.0)
    Serilog.Sinks.File (6.0)
      Serilog (>= 4.0)
    Serilog.Sinks.OpenTelemetry (3.0)
      Google.Protobuf (>= 3.26.1)
      Grpc.Net.Client (>= 2.62)
      Serilog (>= 4.0)
    Swashbuckle.AspNetCore (6.6.2)
      Microsoft.Extensions.ApiDescription.Server (>= 6.0.5)
      Swashbuckle.AspNetCore.Swagger (>= 6.6.2)
      Swashbuckle.AspNetCore.SwaggerGen (>= 6.6.2)
      Swashbuckle.AspNetCore.SwaggerUI (>= 6.6.2)
    Swashbuckle.AspNetCore.Swagger (6.6.2)
      Microsoft.OpenApi (>= 1.6.14)
    Swashbuckle.AspNetCore.SwaggerGen (6.6.2)
      Swashbuckle.AspNetCore.Swagger (>= 6.6.2)
    Swashbuckle.AspNetCore.SwaggerUI (6.6.2)
    System.CodeDom (8.0)
    System.Collections.Immutable (8.0)
    System.Composition (8.0)
      System.Composition.AttributedModel (>= 8.0)
      System.Composition.Convention (>= 8.0)
      System.Composition.Hosting (>= 8.0)
      System.Composition.Runtime (>= 8.0)
      System.Composition.TypedParts (>= 8.0)
    System.Composition.AttributedModel (8.0)
    System.Composition.Convention (8.0)
      System.Composition.AttributedModel (>= 8.0)
    System.Composition.Hosting (8.0)
      System.Composition.Runtime (>= 8.0)
    System.Composition.Runtime (8.0)
    System.Composition.TypedParts (8.0)
      System.Composition.AttributedModel (>= 8.0)
      System.Composition.Hosting (>= 8.0)
      System.Composition.Runtime (>= 8.0)
    System.Diagnostics.DiagnosticSource (8.0.1)
    System.Diagnostics.EventLog (8.0)
    System.Interactive (6.0.1)
    System.IO.Hashing (8.0)
    System.IO.Pipelines (8.0)
    System.Reactive (6.0.1)
    System.Reflection.Metadata (8.0)
      System.Collections.Immutable (>= 8.0)
    System.Text.Encodings.Web (8.0)
    System.Text.Json (8.0.4)
      System.Text.Encodings.Web (>= 8.0)
    System.Threading.Channels (8.0)
    System.Threading.RateLimiting (8.0)
    xunit (2.9)
      xunit.analyzers (>= 1.15)
      xunit.assert (>= 2.9)
      xunit.core (2.9)
    xunit.abstractions (2.0.3)
    xunit.analyzers (1.15)
    xunit.assert (2.9)
    xunit.core (2.9)
      xunit.extensibility.core (2.9)
      xunit.extensibility.execution (2.9)
    xunit.extensibility.core (2.9)
      xunit.abstractions (>= 2.0.3)
    xunit.extensibility.execution (2.9)
      xunit.extensibility.core (2.9)
    xunit.runner.visualstudio (2.8.2) - copy_local: true
